GEM
  remote: http://rubygems.org/
  specs:
    addressable (2.3.2)
    archive-tar-minitar (0.5.2)
    columnize (0.3.6)
    daemonize (0.0.1)
    eventmachine (0.12.10)
    ffi (1.1.5)
    hallon (0.18.1)
      ref (~> 1.0)
      spotify (~> 12.3.0)
    hallon-openal (1.0.0)
      hallon (~> 0.13)
    libspotify (12.1.51.1)
    libwebsocket (0.1.5)
      addressable
    linecache19 (0.5.12)
      ruby_core_source (>= 0.1.4)
    pusher-client (0.2.1)
      eventmachine (~> 0.12.10)
      libwebsocket (~> 0.1.0)
    ref (1.0.0)
    ruby-debug-base19 (0.11.25)
      columnize (>= 0.3.1)
      linecache19 (>= 0.5.11)
      ruby_core_source (>= 0.1.4)
    ruby-debug19 (0.11.6)
      columnize (>= 0.3.1)
      linecache19 (>= 0.5.11)
      ruby-debug-base19 (>= 0.11.19)
    ruby_core_source (0.1.5)
      archive-tar-minitar (>= 0.5.2)
    spotify (12.3.0)
      ffi (~> 1.0, >= 1.0.11)
      libspotify (~> 12.1.51)

PLATFORMS
  ruby

DEPENDENCIES
  daemonize
  hallon
  hallon-openal
  pusher-client
  ruby-debug19
